GIT
  remote: git://github.com/rails/journey.git
  revision: 5e14f7477b3d05595bf950b33812793da2c3913c
  specs:
    journey (2.0.0.20120723141804)

GIT
  remote: git://github.com/rails/rails.git
  revision: 69163ccae6a49c89e1a62ac94b98222651dd5aa8
  specs:
    actionpack (4.0.0.beta)
      activesupport (= 4.0.0.beta)
      builder (~> 3.1.0)
      erubis (~> 2.7.0)
      journey (~> 2.0.0)
      rack (~> 1.4.1)
      rack-test (~> 0.6.1)
    activesupport (4.0.0.beta)
      i18n (~> 0.6)
      minitest (~> 4.1)
      multi_json (~> 1.3)
      tzinfo (~> 0.3.33)

PATH
  remote: .
  specs:
    jbuilder (0.9.0)
      activesupport (>= 3.0.0)

GEM
  remote: http://rubygems.org/
  specs:
    builder (3.1.4)
    erubis (2.7.0)
    i18n (0.6.1)
    minitest (4.3.3)
    multi_json (1.4.0)
    rack (1.4.1)
    rack-test (0.6.2)
      rack (>= 1.0)
    rake (10.0.2)
    tzinfo (0.3.35)

PLATFORMS
  ruby

DEPENDENCIES
  actionpack!
  activesupport!
  jbuilder!
  journey!
  rake
