PATH
  remote: .
  specs:
    jbuilder (0.3)
      activesupport (>= 3.0.0)
      blankslate (>= 2.1.2.4)

GEM
  remote: http://rubygems.org/
  specs:
    activesupport (3.1.3)
      multi_json (~> 1.0)
    blankslate (2.1.2.4)
    multi_json (1.0.4)

PLATFORMS
  ruby

DEPENDENCIES
  jbuilder!
